GEM
  remote: https://rubygems.org/
  specs:
    chunky_png (1.3.11)
    indico (0.10.5)
      inifile (~> 3.0.0)
      oily_png (~> 1.2.0)
    inifile (3.0.0)
    mustermann (1.0.3)
    oily_png (1.2.1)
      chunky_png (~> 1.3.7)
    rack (2.0.6)
    rack-protection (2.0.5)
      rack
    sinatra (2.0.5)
      mustermann (~> 1.0)
      rack (~> 2.0)
      rack-protection (= 2.0.5)
      tilt (~> 2.0)
    tilt (2.0.9)

PLATFORMS
  ruby

DEPENDENCIES
  indico
  sinatra

RUBY VERSION
   ruby 2.3.0p0

BUNDLED WITH
   1.16.1
