GEM
  remote: https://rubygems.org/
  specs:
    chunky_png (1.3.5)
    indico (0.9.3)
      inifile (~> 3.0.0)
      oily_png (~> 1.2.0)
    inifile (3.0.0)
    oily_png (1.2.0)
      chunky_png (~> 1.3.1)
    rack (1.6.4)
    rack-protection (1.5.3)
      rack
    sinatra (1.4.7)
      rack (~> 1.5)
      rack-protection (~> 1.4)
      tilt (>= 1.3, < 3)
    tilt (2.0.2)

PLATFORMS
  ruby

DEPENDENCIES
  indico
  sinatra

BUNDLED WITH
   1.11.2
